PATH
  remote: .
  specs:
    trustygems (0.0.6)
      rake

GEM
  remote: https://rubygems.org/
  specs:
    rake (10.4.2)

PLATFORMS
  ruby

DEPENDENCIES
  trustygems!
